GEM
  remote: http://rubygems.org/
  specs:
    builder (3.1.4)
    coderay (1.0.7)
    haml (3.1.7)
    highline (1.6.13)
    json (1.7.4)
    kramdown (0.14.0)
    method_source (0.8)
    mustermann (1.1.1)
      ruby2_keywords (~> 0.0.1)
    pry (0.9.10)
      coderay (~> 1.0.5)
      method_source (~> 0.8)
      slop (~> 3.3.1)
    rack (2.2.3)
    rack-protection (2.2.0)
      rack
    ruby2_keywords (0.0.5)
    sass (3.2.3)
    sinatra (2.2.0)
      mustermann (~> 1.0)
      rack (~> 2.2)
      rack-protection (= 2.2.0)
      tilt (~> 2.0)
    slop (3.3.3)
    sqlite3 (1.3.6)
    tilt (2.0.10)

PLATFORMS
  ruby

DEPENDENCIES
  builder
  haml
  highline
  json
  kramdown
  pry
  sass
  sinatra
  sqlite3
