GEM
  remote: http://rubygems.org/
  specs:
    builder (3.1.4)
    coderay (1.0.7)
    haml (3.1.7)
    highline (1.6.13)
    json (1.7.4)
    kramdown (0.14.0)
    method_source (0.8)
    pry (0.9.10)
      coderay (~> 1.0.5)
      method_source (~> 0.8)
      slop (~> 3.3.1)
    rack (1.6.12)
    rack-protection (1.5.5)
      rack
    sass (3.2.3)
    sinatra (1.3.2)
      rack (~> 1.3, >= 1.3.6)
      rack-protection (~> 1.2)
      tilt (~> 1.3, >= 1.3.3)
    slop (3.3.3)
    sqlite3 (1.3.6)
    tilt (1.3.3)

PLATFORMS
  ruby

DEPENDENCIES
  builder
  haml
  highline
  json
  kramdown
  pry
  sass
  sinatra
  sqlite3
